GEM
  remote: https://rubygems.org/
  specs:
    backports (3.8.0)
    bson (1.12.5)
    bson_ext (1.12.5)
      bson (~> 1.12.5)
    et-orbi (1.0.8)
      tzinfo
    faraday (0.13.1)
      multipart-post (>= 1.2, < 3)
    haml (5.0.2)
      temple (>= 0.8.0)
      tilt
    multi_json (1.12.1)
    multipart-post (2.0.0)
    mustermann (1.0.0)
    prometheus-client (0.7.1)
      quantile (~> 0.2.0)
    puma (3.10.0)
    quantile (0.2.0)
    rack (2.1.4)
    rack-protection (2.0.0)
      rack
    rufus-scheduler (3.4.2)
      et-orbi (~> 1.0)
    sinatra (2.0.0)
      mustermann (~> 1.0)
      rack (~> 2.0)
      rack-protection (= 2.0.0)
      tilt (~> 2.0)
    sinatra-contrib (2.0.0)
      backports (>= 2.0)
      multi_json
      mustermann (~> 1.0)
      rack-protection (= 2.0.0)
      sinatra (= 2.0.0)
      tilt (>= 1.3, < 3)
    temple (0.8.0)
    thread_safe (0.3.6)
    tilt (2.0.8)
    tzinfo (1.2.3)
      thread_safe (~> 0.1)
    tzinfo-data (1.2017.3)
      tzinfo (>= 1.0.0)

PLATFORMS
  ruby

DEPENDENCIES
  bson_ext
  faraday
  haml
  prometheus-client
  puma
  rack
  rufus-scheduler
  sinatra
  sinatra-contrib
  tzinfo-data

BUNDLED WITH
   1.14.6
